GEM
  specs:
    actionpack (5.2.5)
      actionview (= 5.2.5)
      activesupport (= 5.2.5)
      rack (~> 2.0, >= 2.0.8)
      rack-test (>= 0.6.3)
      rails-dom-testing (~> 2.0)
      rails-html-sanitizer (~> 1.0, >= 1.0.2)
    actionview (5.2.5)
      activesupport (= 5.2.5)
      builder (~> 3.1)
      erubi (~> 1.4)
      rails-dom-testing (~> 2.0)
      rails-html-sanitizer (~> 1.0, >= 1.0.3)
    activesupport (5.2.5)
      concurrent-ruby (~> 1.0, >= 1.0.2)
      i18n (>= 0.7, < 2)
      minitest (~> 5.1)
      tzinfo (~> 1.1)
    andand (1.3.3)
    builder (3.2.4)
    concurrent-ruby (1.1.8)
    crass (1.0.6)
    erubi (1.10.0)
    gitlab (4.17.0)
      httparty (~> 0.18)
      terminal-table (~> 1.5, >= 1.5.1)
    httparty (0.18.1)
      mime-types (~> 3.0)
      multi_xml (>= 0.5.2)
    i18n (1.8.10)
      concurrent-ruby (~> 1.0)
    libxml-ruby (3.2.1)
    loofah (2.9.1)
      crass (~> 1.0.2)
      nokogiri (>= 1.5.9)
    method_source (1.0.0)
    mime-types (3.3.1)
      mime-types-data (~> 3.2015)
    mime-types-data (3.2021.0225)
    minitest (5.14.4)
    multi_xml (0.6.0)
    nokogiri (1.11.3-x86_64-linux)
      racc (~> 1.4)
    racc (1.5.2)
    rack (2.2.3)
    rack-test (1.1.0)
      rack (>= 1.0, < 3)
    rails-dom-testing (2.0.3)
      activesupport (>= 4.2.0)
      nokogiri (>= 1.6)
    rails-html-sanitizer (1.3.0)
      loofah (~> 2.3)
    railties (5.2.5)
      actionpack (= 5.2.5)
      activesupport (= 5.2.5)
      method_source
      rake (>= 0.8.7)
      thor (>= 0.19.0, < 2.0)
    rake (13.0.3)
    rexml (3.2.5)
    rspreadsheet (0.5.3)
      andand (>= 1.3)
      rubyzip (>= 1.3)
    ruby-graphviz (1.2.5)
      rexml
    rubyzip (2.3.0)
    slim (4.1.0)
      temple (>= 0.7.6, < 0.9)
      tilt (>= 2.0.6, < 2.1)
    slim-rails (3.2.0)
      actionpack (>= 3.1)
      railties (>= 3.1)
      slim (>= 3.0, < 5.0)
    temple (0.8.2)
    terminal-table (1.8.0)
      unicode-display_width (~> 1.1, >= 1.1.1)
    thor (1.1.0)
    thread_safe (0.3.6)
    tilt (2.0.10)
    tzinfo (1.2.9)
      thread_safe (~> 0.1)
    unicode-display_width (1.7.0)

PLATFORMS
  ruby

DEPENDENCIES
  gitlab
  libxml-ruby
  rspreadsheet
  ruby-graphviz
  slim-rails

BUNDLED WITH
   2.1.4
